GEM
  remote: https://rubygems.org/
  specs:
    addressable (2.3.8)
    faraday (0.9.2)
      multipart-post (>= 1.2, < 3)
    multipart-post (2.2.0)
    octokit (3.8.0)
      sawyer (~> 0.6.0, >= 0.5.3)
    sawyer (0.6.0)
      addressable (~> 2.3.5)
      faraday (~> 0.8, < 0.10)

PLATFORMS
  x86_64-darwin-21

DEPENDENCIES
  octokit (~> 3.0)

BUNDLED WITH
   2.3.7
